PATH
  remote: .
  specs:
    mdify (1.2.0)
      launchy (~> 2.0)
      redcarpet (>= 1.9, < 4.0)

GEM
  remote: http://rubygems.org/
  specs:
    addressable (2.7.0)
      public_suffix (>= 2.0.2, < 5.0)
    launchy (2.5.0)
      addressable (~> 2.7)
    public_suffix (4.0.6)
    redcarpet (3.5.1)

PLATFORMS
  ruby

DEPENDENCIES
  mdify!
